PATH
  remote: .
  specs:
    ruby-maven (3.0.4.1)
      maven-tools (~> 0.29.1)
      thor (>= 0.14.6, < 2.0)

GEM
  remote: http://rubygems.org/
  specs:
    maven-tools (0.29.3)
    minitest (3.3.0)
    rake (0.9.2.2)
    thor (0.15.4)

PLATFORMS
  java
  ruby

DEPENDENCIES
  minitest (= 3.3.0)
  rake (= 0.9.2.2)
  ruby-maven!
